GEM
  remote: https://rubygems.org/
  specs:
    cinch (2.2.5)
    multi_json (1.11.0)
    multi_xml (0.5.5)
    mysql (2.9.1)
    steam-condenser (1.3.11)
      multi_json (~> 1.6)
      multi_xml (~> 0.5)

PLATFORMS
  ruby

DEPENDENCIES
  cinch
  mysql
  steam-condenser
